GEM
  remote: https://rubygems.org/
  specs:
    better_errors (2.9.1)
      coderay (>= 1.0.0)
      erubi (>= 1.0.0)
      rack (>= 0.9.0)
    binding_of_caller (1.0.0)
      debug_inspector (>= 0.0.1)
    byebug (11.1.3)
    coderay (1.1.3)
    debug_inspector (1.1.0)
    diff-lcs (1.5.0)
    dotenv (2.7.6)
    erubi (1.10.0)
    method_source (1.0.0)
    multi_json (1.15.0)
    mustermann (1.1.1)
      ruby2_keywords (~> 0.0.1)
    nio4r (2.5.8)
    pry (0.13.1)
      coderay (~> 1.1)
      method_source (~> 1.0)
    pry-byebug (3.9.0)
      byebug (~> 11.0)
      pry (~> 0.13.0)
    puma (5.5.2)
      nio4r (~> 2.0)
    rack (2.2.3)
    rack-protection (2.1.0)
      rack
    rack-test (1.1.0)
      rack (>= 1.0, < 3)
    racksh (1.0.0)
      rack (>= 1.0)
      rack-test (>= 0.5)
    rake (12.3.3)
    rspec (3.10.0)
      rspec-core (~> 3.10.0)
      rspec-expectations (~> 3.10.0)
      rspec-mocks (~> 3.10.0)
    rspec-core (3.10.1)
      rspec-support (~> 3.10.0)
    rspec-expectations (3.10.2)
      diff-lcs (>= 1.2.0, < 2.0)
      rspec-support (~> 3.10.0)
    rspec-mocks (3.10.2)
      diff-lcs (>= 1.2.0, < 2.0)
      rspec-support (~> 3.10.0)
    rspec-support (3.10.3)
    ruby2_keywords (0.0.5)
    sinatra (2.1.0)
      mustermann (~> 1.0)
      rack (~> 2.2)
      rack-protection (= 2.1.0)
      tilt (~> 2.0)
    sinatra-contrib (2.1.0)
      multi_json
      mustermann (~> 1.0)
      rack-protection (= 2.1.0)
      sinatra (= 2.1.0)
      tilt (~> 2.0)
    tilt (2.0.10)
    warning (1.2.1)

PLATFORMS
  arm64-darwin-20

DEPENDENCIES
  better_errors (~> 2.9)
  binding_of_caller (~> 1.0)
  dotenv (~> 2.7)
  pry-byebug (~> 3.9)
  puma (~> 5.2)
  rack-test (~> 1.1)
  racksh (~> 1.0)
  rake (~> 12.3)
  rspec (~> 3.10)
  sinatra (~> 2.1)
  sinatra-contrib (~> 2.1)
  warning (~> 1.2)

RUBY VERSION
   ruby 2.7.3p183

BUNDLED WITH
   2.3.4
